GEM
  remote: https://rubygems.org/
  specs:
    Ascii85 (1.1.1)
    activesupport (7.2.0)
      base64
      bigdecimal
      concurrent-ruby (~> 1.0, >= 1.3.1)
      connection_pool (>= 2.2.5)
      drb
      i18n (>= 1.6, < 2)
      logger (>= 1.4.2)
      minitest (>= 5.1)
      securerandom (>= 0.3)
      tzinfo (~> 2.0, >= 2.0.5)
    addressable (2.8.7)
      public_suffix (>= 2.0.2, < 7.0)
    afm (0.2.2)
    async (2.15.3)
      console (~> 1.26)
      fiber-annotation
      io-event (~> 1.6, >= 1.6.5)
    base64 (0.2.0)
    bigdecimal (3.1.8)
    coderay (1.1.3)
    colorator (1.1.0)
    concurrent-ruby (1.3.4)
    connection_pool (2.4.1)
    console (1.27.0)
      fiber-annotation
      fiber-local (~> 1.1)
      json
    cssminify2 (2.0.1)
    drb (2.2.1)
    em-websocket (0.5.3)
      eventmachine (>= 0.12.9)
      http_parser.rb (~> 0)
    ethon (0.16.0)
      ffi (>= 1.15.0)
    eventmachine (1.2.7)
    execjs (2.9.1)
    faraday (2.10.1)
      faraday-net_http (>= 2.0, < 3.2)
      logger
    faraday-net_http (3.1.1)
      net-http
    ffi (1.17.0-aarch64-linux-gnu)
    ffi (1.17.0-aarch64-linux-musl)
    ffi (1.17.0-arm-linux-gnu)
    ffi (1.17.0-arm-linux-musl)
    ffi (1.17.0-arm64-darwin)
    ffi (1.17.0-x86-linux-gnu)
    ffi (1.17.0-x86-linux-musl)
    ffi (1.17.0-x86_64-darwin)
    ffi (1.17.0-x86_64-linux-gnu)
    ffi (1.17.0-x86_64-linux-musl)
    fiber-annotation (0.2.0)
    fiber-local (1.1.0)
      fiber-storage
    fiber-storage (1.0.0)
    formatador (1.1.0)
    forwardable-extended (2.6.0)
    gemoji (4.1.0)
    google-protobuf (4.27.3)
      bigdecimal
      rake (>= 13)
    google-protobuf (4.27.3-aarch64-linux)
      bigdecimal
      rake (>= 13)
    google-protobuf (4.27.3-arm64-darwin)
      bigdecimal
      rake (>= 13)
    google-protobuf (4.27.3-x86-linux)
      bigdecimal
      rake (>= 13)
    google-protobuf (4.27.3-x86_64-darwin)
      bigdecimal
      rake (>= 13)
    google-protobuf (4.27.3-x86_64-linux)
      bigdecimal
      rake (>= 13)
    guard (2.18.1)
      formatador (>= 0.2.4)
      listen (>= 2.7, < 4.0)
      lumberjack (>= 1.0.12, < 2.0)
      nenv (~> 0.1)
      notiffany (~> 0.0)
      pry (>= 0.13.0)
      shellany (~> 0.0)
      thor (>= 0.18.1)
    guard-compat (1.2.1)
    guard-process (1.2.1)
      guard-compat (~> 1.2, >= 1.2.1)
      spoon (~> 0.0.1)
    hashery (2.1.2)
    html-pipeline (2.14.3)
      activesupport (>= 2)
      nokogiri (>= 1.4)
    html-proofer (5.0.9)
      addressable (~> 2.3)
      async (~> 2.1)
      nokogiri (~> 1.13)
      pdf-reader (~> 2.11)
      rainbow (~> 3.0)
      typhoeus (~> 1.3)
      yell (~> 2.0)
      zeitwerk (~> 2.5)
    htmlcompressor (0.4.0)
    http_parser.rb (0.8.0)
    i18n (1.14.5)
      concurrent-ruby (~> 1.0)
    io-event (1.6.5)
    jekyll (4.3.3)
      addressable (~> 2.4)
      colorator (~> 1.0)
      em-websocket (~> 0.5)
      i18n (~> 1.0)
      jekyll-sass-converter (>= 2.0, < 4.0)
      jekyll-watch (~> 2.0)
      kramdown (~> 2.3, >= 2.3.1)
      kramdown-parser-gfm (~> 1.0)
      liquid (~> 4.0)
      mercenary (>= 0.3.6, < 0.5)
      pathutil (~> 0.9)
      rouge (>= 3.0, < 5.0)
      safe_yaml (~> 1.0)
      terminal-table (>= 1.8, < 4.0)
      webrick (~> 1.7)
    jekyll-archives (2.2.1)
      jekyll (>= 3.6, < 5.0)
    jekyll-feed (0.17.0)
      jekyll (>= 3.7, < 5.0)
    jekyll-gist (1.5.0)
      octokit (~> 4.2)
    jekyll-github-metadata (2.16.1)
      jekyll (>= 3.4, < 5.0)
      octokit (>= 4, < 7, != 4.4.0)
    jekyll-include-cache (0.2.1)
      jekyll (>= 3.7, < 5.0)
    jekyll-minifier (0.1.10)
      cssminify2 (~> 2.0)
      htmlcompressor (~> 0.4)
      jekyll (>= 3.5)
      json-minify (~> 0.0.3)
      uglifier (~> 4.1)
    jekyll-paginate (1.1.0)
    jekyll-redirect-from (0.16.0)
      jekyll (>= 3.3, < 5.0)
    jekyll-remote-theme (0.4.3)
      addressable (~> 2.0)
      jekyll (>= 3.5, < 5.0)
      jekyll-sass-converter (>= 1.0, <= 3.0.0, != 2.0.0)
      rubyzip (>= 1.3.0, < 3.0)
    jekyll-sass-converter (3.0.0)
      sass-embedded (~> 1.54)
    jekyll-seo-tag (2.8.0)
      jekyll (>= 3.8, < 5.0)
    jekyll-sitemap (1.4.0)
      jekyll (>= 3.7, < 5.0)
    jekyll-watch (2.2.1)
      listen (~> 3.0)
    jemoji (0.13.0)
      gemoji (>= 3, < 5)
      html-pipeline (~> 2.2)
      jekyll (>= 3.0, < 5.0)
    json (2.7.2)
    json-minify (0.0.3)
      json (> 0)
    kramdown (2.4.0)
      rexml
    kramdown-parser-gfm (1.1.0)
      kramdown (~> 2.0)
    liquid (4.0.4)
    listen (3.9.0)
      rb-fsevent (~> 0.10, >= 0.10.3)
      rb-inotify (~> 0.9, >= 0.9.10)
    logger (1.6.0)
    lumberjack (1.2.10)
    mercenary (0.4.0)
    method_source (1.1.0)
    minimal-mistakes-jekyll (4.26.2)
      jekyll (>= 3.7, < 5.0)
      jekyll-feed (~> 0.1)
      jekyll-gist (~> 1.5)
      jekyll-include-cache (~> 0.1)
      jekyll-paginate (~> 1.1)
      jekyll-sitemap (~> 1.3)
    minitest (5.24.1)
    nenv (0.3.0)
    net-http (0.4.1)
      uri
    nokogiri (1.16.7-aarch64-linux)
      racc (~> 1.4)
    nokogiri (1.16.7-arm-linux)
      racc (~> 1.4)
    nokogiri (1.16.7-arm64-darwin)
      racc (~> 1.4)
    nokogiri (1.16.7-x86-linux)
      racc (~> 1.4)
    nokogiri (1.16.7-x86_64-darwin)
      racc (~> 1.4)
    nokogiri (1.16.7-x86_64-linux)
      racc (~> 1.4)
    notiffany (0.1.3)
      nenv (~> 0.1)
      shellany (~> 0.0)
    octokit (4.25.1)
      faraday (>= 1, < 3)
      sawyer (~> 0.9)
    pathutil (0.16.2)
      forwardable-extended (~> 2.6)
    pdf-reader (2.12.0)
      Ascii85 (~> 1.0)
      afm (~> 0.2.1)
      hashery (~> 2.0)
      ruby-rc4
      ttfunk
    pry (0.14.2)
      coderay (~> 1.1)
      method_source (~> 1.0)
    public_suffix (6.0.1)
    racc (1.8.1)
    rainbow (3.1.1)
    rake (13.2.1)
    rb-fsevent (0.11.2)
    rb-inotify (0.11.1)
      ffi (~> 1.0)
    rexml (3.3.5)
      strscan
    rouge (4.3.0)
    ruby-rc4 (0.1.5)
    rubyzip (2.3.2)
    safe_yaml (1.0.5)
    sass-embedded (1.77.8-aarch64-linux-gnu)
      google-protobuf (~> 4.26)
    sass-embedded (1.77.8-aarch64-linux-musl)
      google-protobuf (~> 4.26)
    sass-embedded (1.77.8-arm-linux-gnueabihf)
      google-protobuf (~> 4.26)
    sass-embedded (1.77.8-arm-linux-musleabihf)
      google-protobuf (~> 4.26)
    sass-embedded (1.77.8-arm64-darwin)
      google-protobuf (~> 4.26)
    sass-embedded (1.77.8-x86-linux-gnu)
      google-protobuf (~> 4.26)
    sass-embedded (1.77.8-x86-linux-musl)
      google-protobuf (~> 4.26)
    sass-embedded (1.77.8-x86_64-darwin)
      google-protobuf (~> 4.26)
    sass-embedded (1.77.8-x86_64-linux-gnu)
      google-protobuf (~> 4.26)
    sass-embedded (1.77.8-x86_64-linux-musl)
      google-protobuf (~> 4.26)
    sawyer (0.9.2)
      addressable (>= 2.3.5)
      faraday (>= 0.17.3, < 3)
    securerandom (0.3.1)
    shellany (0.0.1)
    spoon (0.0.6)
      ffi
    strscan (3.1.0)
    terminal-table (3.0.2)
      unicode-display_width (>= 1.1.1, < 3)
    thor (1.3.1)
    ttfunk (1.8.0)
      bigdecimal (~> 3.1)
    typhoeus (1.4.1)
      ethon (>= 0.9.0)
    tzinfo (2.0.6)
      concurrent-ruby (~> 1.0)
    uglifier (4.2.0)
      execjs (>= 0.3.0, < 3)
    unicode-display_width (2.5.0)
    uri (0.13.0)
    webrick (1.8.1)
    yell (2.2.2)
    zeitwerk (2.6.17)

PLATFORMS
  aarch64-linux
  aarch64-linux-gnu
  aarch64-linux-musl
  arm-linux
  arm-linux-gnu
  arm-linux-gnueabihf
  arm-linux-musl
  arm-linux-musleabihf
  arm64-darwin
  x86-linux
  x86-linux-gnu
  x86-linux-musl
  x86_64-darwin
  x86_64-linux
  x86_64-linux-gnu
  x86_64-linux-musl

DEPENDENCIES
  guard (~> 2.14)
  guard-process (~> 1.2)
  html-proofer (~> 5.0)
  jekyll (~> 4.0)
  jekyll-archives (~> 2.1)
  jekyll-feed (~> 0.11)
  jekyll-gist (~> 1.5)
  jekyll-github-metadata (~> 2.13)
  jekyll-include-cache (~> 0.1)
  jekyll-minifier (~> 0.1)
  jekyll-paginate (~> 1.1)
  jekyll-redirect-from (~> 0.14)
  jekyll-remote-theme (~> 0.4)
  jekyll-seo-tag (~> 2.6)
  jekyll-sitemap (~> 1.3)
  jemoji (~> 0.10)
  minimal-mistakes-jekyll (~> 4.24)

RUBY VERSION
   ruby 3.3.4p94

BUNDLED WITH
   2.5.17
